GIT
  remote: https://github.com/jgarber623/sinatra-param.git
  revision: 74d836dae573c294bab151fbf26db7983dee12bb
  tag: v3.2.0
  specs:
    sinatra-param (3.2.0)
      activesupport (~> 6.0)
      sinatra (~> 2.0)

GEM
  remote: https://rubygems.org/
  specs:
    absolutely (5.0.0)
      addressable (~> 2.7)
    activesupport (6.1.0)
      concurrent-ruby (~> 1.0, >= 1.0.2)
      i18n (>= 1.6, < 2)
      minitest (>= 5.1)
      tzinfo (~> 2.0)
      zeitwerk (~> 2.3)
    addressable (2.7.0)
      public_suffix (>= 2.0.2, < 5.0)
    ansi (1.5.0)
    ast (2.4.1)
    breakpoint (2.7.1)
      sass (~> 3.3)
      sassy-maps (< 1.0.0)
    coffee-script (2.4.1)
      coffee-script-source
      execjs
    coffee-script-source (1.12.2)
    concurrent-ruby (1.1.7)
    crack (0.4.4)
    diff-lcs (1.4.4)
    docile (1.3.2)
    domain_name (0.5.20190701)
      unf (>= 0.0.5, < 1.0.0)
    dotenv (2.7.6)
    execjs (2.7.0)
    faraday (1.1.0)
      multipart-post (>= 1.2, < 3)
      ruby2_keywords
    ffi (1.13.1)
    ffi-compiler (1.0.1)
      ffi (>= 1.0.0)
      rake
    hashdiff (1.0.1)
    hashie (4.1.0)
    http (4.4.1)
      addressable (~> 2.3)
      http-cookie (~> 1.0)
      http-form_data (~> 2.2)
      http-parser (~> 1.2.0)
    http-cookie (1.0.3)
      domain_name (~> 0.5)
    http-form_data (2.3.0)
    http-parser (1.2.2)
      ffi-compiler
    i18n (1.8.5)
      concurrent-ruby (~> 1.0)
    indieweb-endpoints (5.0.0)
      absolutely (~> 5.0)
      addressable (~> 2.7)
      http (~> 4.4)
      link-header-parser (~> 2.1)
      nokogiri (~> 1.10)
    jwt (2.2.2)
    kwalify (0.7.2)
    link-header-parser (2.1.0)
      absolutely (~> 5.0)
    mini_portile2 (2.4.0)
    minitest (5.14.2)
    multi_json (1.15.0)
    multi_xml (0.6.0)
    multipart-post (2.1.1)
    mustermann (1.1.1)
      ruby2_keywords (~> 0.0.1)
    nio4r (2.5.4)
    nokogiri (1.10.10)
      mini_portile2 (~> 2.4.0)
    oauth2 (1.4.4)
      faraday (>= 0.8, < 2.0)
      jwt (>= 1.0, < 3.0)
      multi_json (~> 1.3)
      multi_xml (~> 0.5)
      rack (>= 1.2, < 3)
    omniauth (1.9.1)
      hashie (>= 3.4.6)
      rack (>= 1.6.2, < 3)
    omniauth-github (1.4.0)
      omniauth (~> 1.5)
      omniauth-oauth2 (>= 1.4.0, < 2.0)
    omniauth-oauth2 (1.7.0)
      oauth2 (~> 1.4)
      omniauth (~> 1.9)
    parallel (1.20.1)
    parser (2.7.2.0)
      ast (~> 2.4.1)
    psych (3.2.0)
    public_suffix (4.0.6)
    puma (5.1.1)
      nio4r (~> 2.0)
    rack (2.2.3)
    rack-protection (2.1.0)
      rack
    rack-test (1.1.0)
      rack (>= 1.0, < 3)
    rainbow (3.0.0)
    rake (12.3.3)
    rb-fsevent (0.10.4)
    rb-inotify (0.10.1)
      ffi (~> 1.0)
    redis (4.2.5)
    reek (6.0.2)
      kwalify (~> 0.7.0)
      parser (>= 2.5.0.0, < 2.8, != 2.5.1.1)
      psych (~> 3.1)
      rainbow (>= 2.0, < 4.0)
    regexp_parser (2.0.1)
    rexml (3.2.4)
    rspec (3.10.0)
      rspec-core (~> 3.10.0)
      rspec-expectations (~> 3.10.0)
      rspec-mocks (~> 3.10.0)
    rspec-core (3.10.0)
      rspec-support (~> 3.10.0)
    rspec-expectations (3.10.0)
      diff-lcs (>= 1.2.0, < 2.0)
      rspec-support (~> 3.10.0)
    rspec-mocks (3.10.0)
      diff-lcs (>= 1.2.0, < 2.0)
      rspec-support (~> 3.10.0)
    rspec-support (3.10.0)
    rubocop (1.6.1)
      parallel (~> 1.10)
      parser (>= 2.7.1.5)
      rainbow (>= 2.2.2, < 4.0)
      regexp_parser (>= 1.8, < 3.0)
      rexml
      rubocop-ast (>= 1.2.0, < 2.0)
      ruby-progressbar (~> 1.7)
      unicode-display_width (>= 1.4.0, < 2.0)
    rubocop-ast (1.3.0)
      parser (>= 2.7.1.5)
    rubocop-performance (1.9.1)
      rubocop (>= 0.90.0, < 2.0)
      rubocop-ast (>= 0.4.0)
    rubocop-rake (0.5.1)
      rubocop
    rubocop-rspec (2.1.0)
      rubocop (~> 1.0)
      rubocop-ast (>= 1.1.0)
    ruby-progressbar (1.10.1)
    ruby2_keywords (0.0.2)
    sass (3.7.4)
      sass-listen (~> 4.0.0)
    sass-globbing (1.1.5)
      sass (>= 3.1)
    sass-listen (4.0.0)
      rb-fsevent (~> 0.9, >= 0.9.4)
      rb-inotify (~> 0.9, >= 0.9.7)
    sassy-maps (0.4.0)
      sass (~> 3.3)
    shotgun (0.9.2)
      rack (>= 1.0)
    simplecov (0.20.0)
      docile (~> 1.1)
      simplecov-html (~> 0.11)
      simplecov_json_formatter (~> 0.1)
    simplecov-console (0.8.0)
      ansi
      simplecov
      terminal-table
    simplecov-html (0.12.3)
    simplecov_json_formatter (0.1.2)
    sinatra (2.1.0)
      mustermann (~> 1.0)
      rack (~> 2.2)
      rack-protection (= 2.1.0)
      tilt (~> 2.0)
    sinatra-asset-pipeline (2.2.1)
      coffee-script (~> 2.4)
      rake (~> 12.3)
      sass (~> 3.5)
      sinatra (~> 2.0)
      sprockets (~> 3.7)
      sprockets-helpers (~> 1.2)
    sinatra-contrib (2.1.0)
      multi_json
      mustermann (~> 1.0)
      rack-protection (= 2.1.0)
      sinatra (= 2.1.0)
      tilt (~> 2.0)
    sinatra-partial (1.0.1)
      sinatra (>= 1.4)
    sprockets (3.7.2)
      concurrent-ruby (~> 1.0)
      rack (> 1, < 3)
    sprockets-helpers (1.4.0)
      sprockets (>= 2.2)
    terminal-table (2.0.0)
      unicode-display_width (~> 1.1, >= 1.1.1)
    tilt (2.0.10)
    tzinfo (2.0.3)
      concurrent-ruby (~> 1.0)
    unf (0.1.4)
      unf_ext
    unf_ext (0.0.7.7)
    unicode-display_width (1.7.0)
    webmock (3.11.0)
      addressable (>= 2.3.6)
      crack (>= 0.3.2)
      hashdiff (>= 0.4.0, < 2.0.0)
    zeitwerk (2.4.2)

PLATFORMS
  ruby

DEPENDENCIES
  activesupport (~> 6.1)
  addressable (~> 2.7)
  breakpoint (~> 2.7)
  dotenv (~> 2.7)
  http (~> 4.4)
  indieweb-endpoints (~> 5.0)
  omniauth (~> 1.9)
  omniauth-github (~> 1.3)
  puma (~> 5.1)
  rack (~> 2.2)
  rack-protection (~> 2.0)
  rack-test (~> 1.1)
  rake (~> 12.3)
  redis (~> 4.2)
  reek (~> 6.0)
  rspec (~> 3.10)
  rubocop (~> 1.6)
  rubocop-performance (~> 1.9)
  rubocop-rake (~> 0.5.1)
  rubocop-rspec (~> 2.1)
  sass (~> 3.7)
  sass-globbing (~> 1.1)
  shotgun (~> 0.9.2)
  simplecov (~> 0.20.0)
  simplecov-console (~> 0.8.0)
  sinatra (~> 2.0)
  sinatra-asset-pipeline (~> 2.2)
  sinatra-contrib (~> 2.0)
  sinatra-param!
  sinatra-partial (~> 1.0)
  webmock (~> 3.11)

RUBY VERSION
   ruby 2.6.6p146

BUNDLED WITH
   2.1.4
